GIT
  remote: git://github.com/citrus/spree_essential_cms.git
  revision: 31c229ad22908172fdd1ae38d95cc8a3e9aae8d9
  ref: 31c229ad22908172fdd1ae38d95cc8a3e9aae8d9
  specs:
    spree_essential_cms (0.4.0)
      spree_essentials (~> 0.5.0)

GIT
  remote: git://github.com/halo/spree_flexi_variants.git
  revision: 08fac4fada887d7c5ef6d4a7e2224852d75fcbe3
  branch: spree-1-1-stable
  specs:
    spree_flexi_variants (1.0.0)
      carrierwave
      json
      rmagick
      spree_core (~> 1.1.0)

GIT
  remote: git://github.com/halo/spree_social.git
  revision: e8641c6a490d0bfc392e8513a70f8a83615f8931
  ref: e8641c6a490d0bfc392e8513a70f8a83615f8931
  branch: 1-1-stable
  specs:
    spree_social (2.1.0)
      oa-core
      omniauth
      omniauth-facebook
      omniauth-github
      omniauth-google-oauth2
      omniauth-twitter
      spree_auth (~> 1.1.0)
      spree_core (~> 1.1.0)

GIT
  remote: git://github.com/mdlima/spree-master-price.git
  revision: ade0401f506075783ab4344aa04ab18aea56193c
  ref: ade0401f506075783ab4344aa04ab18aea56193c
  specs:
    spree_master_price (1.0.rc1)
      spree_core (~> 1.1.0.rc1)

GIT
  remote: git://github.com/spree/spree.git
  revision: 91d3e14d42ef7ef79f7ae612bf42336ae5a9e821
  ref: 91d3e14d42ef7ef79f7ae612bf42336ae5a9e821
  branch: 1-1-stable
  specs:
    spree (1.1.3)
      spree_api (= 1.1.3)
      spree_auth (= 1.1.3)
      spree_cmd (= 1.1.3)
      spree_core (= 1.1.3)
      spree_dash (= 1.1.3)
      spree_promo (= 1.1.3)
      spree_sample (= 1.1.3)
    spree_api (1.1.3)
      rabl (= 0.6.5)
      spree_auth (= 1.1.3)
      spree_core (= 1.1.3)
    spree_auth (1.1.3)
      cancan (= 1.6.7)
      devise (~> 2.0.0)
      spree_core (= 1.1.3)
    spree_cmd (1.1.3)
      thor (>= 0.14.6)
    spree_core (1.1.3)
      activemerchant (= 1.28.0)
      acts_as_list (= 0.1.4)
      aws-sdk (~> 1.3.4)
      deface (>= 0.9.0)
      ffaker (~> 1.12.0)
      highline (= 1.6.11)
      jquery-rails (~> 2.0)
      kaminari (= 0.13.0)
      nested_set (= 1.7.0)
      paperclip (~> 2.8)
      rails (~> 3.2.8)
      ransack (~> 0.6.0)
      state_machine (= 1.1.2)
      stringex (~> 1.3.2)
    spree_dash (1.1.3)
      httparty (~> 0.8.1)
      spree_auth (= 1.1.3)
      spree_core (= 1.1.3)
    spree_promo (1.1.3)
      spree_auth (= 1.1.3)
      spree_core (= 1.1.3)
    spree_sample (1.1.3)
      spree_core (= 1.1.3)

GIT
  remote: git://github.com/spree/spree_i18n.git
  revision: 016acc26668ed8c4f606da5e3d3d9faa7ee4dc83
  ref: 016acc26668ed8c4f606da5e3d3d9faa7ee4dc83
  specs:
    spree_i18n (1.0.0)
      i18n (~> 0.5)
      spree (~> 1.1)

GIT
  remote: git://github.com/spree/spree_paypal_express.git
  revision: 267be504e4affd7866a5e31e80565126f9db7cc3
  ref: 267be504e4affd7866a5e31e80565126f9db7cc3
  branch: 1-1-stable
  specs:
    spree_paypal_express (1.1.0)
      spree_auth (>= 1.0.0)
      spree_core (>= 1.0.0)

GEM
  remote: http://rubygems.org/
  specs:
    actionmailer (3.2.8)
      actionpack (= 3.2.8)
      mail (~> 2.4.4)
    actionpack (3.2.8)
      activemodel (= 3.2.8)
      activesupport (= 3.2.8)
      builder (~> 3.0.0)
      erubis (~> 2.7.0)
      journey (~> 1.0.4)
      rack (~> 1.4.0)
      rack-cache (~> 1.2)
      rack-test (~> 0.6.1)
      sprockets (~> 2.1.3)
    active_utils (1.0.5)
      activesupport (>= 2.3.11)
      i18n
    activemerchant (1.28.0)
      active_utils (>= 1.0.2)
      activesupport (>= 2.3.11)
      builder (>= 2.0.0)
      i18n
      json (>= 1.5.1)
      money
      nokogiri
    activemodel (3.2.8)
      activesupport (= 3.2.8)
      builder (~> 3.0.0)
    activerecord (3.2.8)
      activemodel (= 3.2.8)
      activesupport (= 3.2.8)
      arel (~> 3.0.2)
      tzinfo (~> 0.3.29)
    activeresource (3.2.8)
      activemodel (= 3.2.8)
      activesupport (= 3.2.8)
    activesupport (3.2.8)
      i18n (~> 0.6)
      multi_json (~> 1.0)
    acts_as_list (0.1.4)
    arel (3.0.2)
    aws-sdk (1.3.9)
      httparty (~> 0.7)
      json (~> 1.4)
      nokogiri (>= 1.4.4)
      uuidtools (~> 2.1)
    bcrypt-ruby (3.0.1)
    builder (3.0.4)
    cancan (1.6.7)
    carrierwave (0.7.0)
      activemodel (>= 3.2.0)
      activesupport (>= 3.2.0)
    cocaine (0.4.2)
    coffee-rails (3.2.2)
      coffee-script (>= 2.2.0)
      railties (~> 3.2.0)
    coffee-script (2.2.0)
      coffee-script-source
      execjs
    coffee-script-source (1.3.3)
    daemons (1.1.8)
    deface (0.9.1)
      nokogiri (~> 1.5.0)
      rails (~> 3.1)
    devise (2.0.4)
      bcrypt-ruby (~> 3.0)
      orm_adapter (~> 0.0.3)
      railties (~> 3.1)
      warden (~> 1.1.1)
    erubis (2.7.0)
    eventmachine (0.12.10)
    execjs (1.4.0)
      multi_json (~> 1.0)
    faraday (0.8.4)
      multipart-post (~> 1.1)
    ffaker (1.12.1)
    foreman (0.60.2)
      thor (>= 0.13.6)
    haml (3.1.7)
    haml-rails (0.3.5)
      actionpack (>= 3.1, < 4.1)
      activesupport (>= 3.1, < 4.1)
      haml (~> 3.1)
      railties (>= 3.1, < 4.1)
    hashie (1.2.0)
    highline (1.6.11)
    hike (1.2.1)
    httparty (0.8.3)
      multi_json (~> 1.0)
      multi_xml
    httpauth (0.2.0)
    i18n (0.6.1)
    journey (1.0.4)
    jquery-rails (2.1.3)
      railties (>= 3.1.0, < 5.0)
      thor (~> 0.14)
    json (1.7.5)
    jwt (0.1.5)
      multi_json (>= 1.0)
    kaminari (0.13.0)
      actionpack (>= 3.0.0)
      activesupport (>= 3.0.0)
      railties (>= 3.0.0)
    libv8 (3.3.10.4)
    mail (2.4.4)
      i18n (>= 0.4.0)
      mime-types (~> 1.16)
      treetop (~> 1.4.8)
    mime-types (1.19)
    money (5.0.0)
      i18n (~> 0.4)
      json
    multi_json (1.3.6)
    multi_xml (0.5.1)
    multipart-post (1.1.5)
    mysql2 (0.3.11)
    nested_set (1.7.0)
      activerecord (>= 3.0.0)
      railties (>= 3.0.0)
    nokogiri (1.5.5)
    oa-core (0.3.2)
    oauth (0.4.7)
    oauth2 (0.8.0)
      faraday (~> 0.8)
      httpauth (~> 0.1)
      jwt (~> 0.1.4)
      multi_json (~> 1.0)
      rack (~> 1.2)
    omniauth (1.1.1)
      hashie (~> 1.2)
      rack
    omniauth-facebook (1.4.1)
      omniauth-oauth2 (~> 1.1.0)
    omniauth-github (1.0.3)
      omniauth (~> 1.0)
      omniauth-oauth2 (~> 1.1)
    omniauth-google-oauth2 (0.1.13)
      omniauth (~> 1.0)
      omniauth-oauth2
    omniauth-oauth (1.0.1)
      oauth
      omniauth (~> 1.0)
    omniauth-oauth2 (1.1.1)
      oauth2 (~> 0.8.0)
      omniauth (~> 1.0)
    omniauth-twitter (0.0.13)
      multi_json (~> 1.3)
      omniauth-oauth (~> 1.0)
    orm_adapter (0.0.7)
    paperclip (2.8.0)
      activerecord (>= 2.3.0)
      activesupport (>= 2.3.2)
      cocaine (>= 0.0.2)
      mime-types
    polyamorous (0.5.0)
      activerecord (~> 3.0)
    polyglot (0.3.3)
    rabl (0.6.5)
      activesupport (>= 2.3.14)
      multi_json (~> 1.0)
    rack (1.4.1)
    rack-cache (1.2)
      rack (>= 0.4)
    rack-ssl (1.3.2)
      rack
    rack-test (0.6.2)
      rack (>= 1.0)
    rails (3.2.8)
      actionmailer (= 3.2.8)
      actionpack (= 3.2.8)
      activerecord (= 3.2.8)
      activeresource (= 3.2.8)
      activesupport (= 3.2.8)
      bundler (~> 1.0)
      railties (= 3.2.8)
    rails-i18n (0.6.6)
      i18n (~> 0.5)
    railties (3.2.8)
      actionpack (= 3.2.8)
      activesupport (= 3.2.8)
      rack-ssl (~> 1.3.2)
      rake (>= 0.8.7)
      rdoc (~> 3.4)
      thor (>= 0.14.6, < 2.0)
    rake (0.9.2.2)
    ransack (0.6.0)
      actionpack (~> 3.0)
      activerecord (~> 3.0)
      polyamorous (~> 0.5.0)
    rdiscount (1.6.8)
    rdoc (3.12)
      json (~> 1.4)
    rmagick (2.13.1)
    sass (3.2.1)
    sass-rails (3.2.5)
      railties (~> 3.2.0)
      sass (>= 3.1.10)
      tilt (~> 1.3)
    slim (1.3.3)
      temple (~> 0.5.5)
      tilt (~> 1.3.3)
    slim-rails (1.0.3)
      actionpack (~> 3.0)
      activesupport (~> 3.0)
      railties (~> 3.0)
      slim (~> 1.0)
    spree_essentials (0.5.0)
      rdiscount (~> 1.6.8)
      spree_core (~> 1.1.0)
    sprockets (2.1.3)
      hike (~> 1.2)
      rack (~> 1.0)
      tilt (~> 1.1, != 1.3.0)
    state_machine (1.1.2)
    stringex (1.3.3)
    temple (0.5.5)
    therubyracer (0.10.2)
      libv8 (~> 3.3.10)
    thin (1.3.1)
      daemons (>= 1.0.9)
      eventmachine (>= 0.12.6)
      rack (>= 1.0.0)
    thor (0.16.0)
    tilt (1.3.3)
    treetop (1.4.11)
      polyglot
      polyglot (>= 0.3.1)
    tzinfo (0.3.33)
    uglifier (1.3.0)
      execjs (>= 0.3.0)
      multi_json (~> 1.0, >= 1.0.2)
    uuidtools (2.1.3)
    warden (1.1.1)
      rack (>= 1.0)

PLATFORMS
  ruby

DEPENDENCIES
  carrierwave (= 0.7.0)
  coffee-rails (= 3.2.2)
  foreman (= 0.60.2)
  haml-rails (= 0.3.5)
  jquery-rails (= 2.1.3)
  mysql2 (= 0.3.11)
  rails (= 3.2.8)
  rails-i18n (= 0.6.6)
  sass-rails (= 3.2.5)
  slim-rails (= 1.0.3)
  spree!
  spree_essential_cms!
  spree_flexi_variants!
  spree_i18n!
  spree_master_price!
  spree_paypal_express!
  spree_social!
  therubyracer (= 0.10.2)
  thin (= 1.3.1)
  uglifier (= 1.3.0)
